GEM
  remote: http://rubygems.org/
  specs:
    couchrest (1.0.2)
      json (~> 1.5.1)
      mime-types (~> 1.15)
      rest-client (~> 1.6.1)
    haml (5.0.0)
      temple (>= 0.8.0)
      tilt
    hpricot (0.8.4)
    json (1.5.1)
    mime-types (1.16)
    mustermann (2.0.2)
      ruby2_keywords (~> 0.0.1)
    oauth (0.4.4)
    rack (2.2.4)
    rack-protection (2.2.3)
      rack
    rest-client (1.6.1)
      mime-types (>= 1.16)
    ruby-hmac (0.4.0)
    ruby2_keywords (0.0.5)
    sinatra (2.2.3)
      mustermann (~> 2.0)
      rack (~> 2.2)
      rack-protection (= 2.2.3)
      tilt (~> 2.0)
    temple (0.8.2)
    tilt (2.0.11)

PLATFORMS
  ruby

DEPENDENCIES
  couchrest
  haml
  hpricot
  json
  oauth
  ruby-hmac
  sinatra
